GEM
  remote: https://rubygems.org/
  specs:
    dotenv (2.7.5)

PLATFORMS
  ruby

DEPENDENCIES
  dotenv

RUBY VERSION
   ruby 2.5.5p157

BUNDLED WITH
   2.1.4
